GEM
  remote: http://rubygems.org/
  specs:
    activemodel (3.1.0)
      activesupport (= 3.1.0)
      bcrypt-ruby (~> 3.0.0)
      builder (~> 3.0.0)
      i18n (~> 0.6)
    activerecord (3.1.0)
      activemodel (= 3.1.0)
      activesupport (= 3.1.0)
      arel (~> 2.2.1)
      tzinfo (~> 0.3.29)
    activesupport (3.1.0)
      multi_json (~> 1.0)
    arel (2.2.1)
    bcrypt-ruby (3.0.0)
    bcrypt-ruby (3.0.0-x86-mingw32)
    builder (3.0.0)
    facets (2.9.2)
    i18n (0.6.0)
    multi_json (1.0.3)
    nokogiri (1.5.0)
    nokogiri (1.5.0-x86-mingw32)
    sqlite3 (1.3.4)
    sqlite3 (1.3.4-x86-mingw32)
    tzinfo (0.3.29)

PLATFORMS
  ruby
  x86-mingw32

DEPENDENCIES
  activerecord
  facets
  nokogiri
  sqlite3
