GEM
  remote: http://rubygems.org/
  specs:
    activemodel (3.1.3)
      activesupport (= 3.1.3)
      builder (~> 3.0.0)
      i18n (~> 0.6)
    activerecord (3.1.3)
      activemodel (= 3.1.3)
      activesupport (= 3.1.3)
      arel (~> 2.2.1)
      tzinfo (~> 0.3.29)
    activesupport (3.1.3)
      multi_json (~> 1.0)
    arel (2.2.1)
    builder (3.0.0)
    i18n (0.6.0)
    mechanize (2.0.1)
      net-http-digest_auth (~> 1.1, >= 1.1.1)
      net-http-persistent (~> 1.8)
      nokogiri (~> 1.4)
      webrobots (~> 0.0, >= 0.0.9)
    multi_json (1.0.4)
    net-http-digest_auth (1.2)
    net-http-persistent (1.9)
    nokogiri (1.5.0-x86-mingw32)
    sqlite3 (1.3.5-x86-mingw32)
    tzinfo (0.3.31)
    webrobots (0.0.12)
      nokogiri (>= 1.4.4)

PLATFORMS
  x86-mingw32

DEPENDENCIES
  activerecord
  mechanize
  nokogiri
  sqlite3
