GEM
  remote: http://rubygems.org/
  specs:
    activemodel (3.1.3)
      activesupport (= 3.1.3)
      builder (~> 3.0.0)
      i18n (~> 0.6)
    activerecord (3.1.3)
      activemodel (= 3.1.3)
      activesupport (= 3.1.3)
      arel (~> 2.2.1)
      tzinfo (~> 0.3.29)
    activesupport (3.1.3)
      multi_json (~> 1.0)
    arel (2.2.1)
    attr_required (0.0.5)
    builder (3.0.0)
    fb_graph (2.4.1)
      httpclient (>= 2.2.0.2)
      rack-oauth2 (>= 0.14.0)
    httpclient (2.2.4)
    i18n (0.6.0)
    json (1.6.5)
    mechanize (2.0.1)
      net-http-digest_auth (~> 1.1, >= 1.1.1)
      net-http-persistent (~> 1.8)
      nokogiri (~> 1.4)
      webrobots (~> 0.0, >= 0.0.9)
    multi_json (1.0.4)
    net-http-digest_auth (1.2)
    net-http-persistent (1.9)
    nokogiri (1.5.0-x86-mingw32)
    rack (1.4.1)
    rack-oauth2 (0.14.2)
      activesupport (>= 2.3)
      attr_required (>= 0.0.5)
      httpclient (>= 2.2.0.2)
      i18n
      json (>= 1.4.3)
      rack (>= 1.1)
    rack-protection (1.2.0)
      rack
    sinatra (1.3.2)
      rack (~> 1.3, >= 1.3.6)
      rack-protection (~> 1.2)
      tilt (~> 1.3, >= 1.3.3)
    sqlite3 (1.3.5-x86-mingw32)
    tilt (1.3.3)
    tzinfo (0.3.31)
    webrobots (0.0.12)
      nokogiri (>= 1.4.4)

PLATFORMS
  x86-mingw32

DEPENDENCIES
  activerecord
  fb_graph
  mechanize
  nokogiri
  sinatra
  sqlite3
